GEM
  remote: http://rubygems.org/
  specs:
    colored (1.2)
    rb-appscript (0.6.1)
    terminal-table (1.4.5)

PLATFORMS
  ruby

DEPENDENCIES
  colored
  rb-appscript
  terminal-table
